GEM
  remote: https://rubygems.org/
  specs:
    activesupport (4.2.0)
      i18n (~> 0.7)
      json (~> 1.7, >= 1.7.7)
      minitest (~> 5.1)
      thread_safe (~> 0.3, >= 0.3.4)
      tzinfo (~> 1.1)
    angelo (0.4.1)
      mime-types (~> 2.4)
      mustermann (~> 0.4)
      reel (~> 0.5)
      tilt (~> 2.0)
    celluloid (0.16.0)
      timers (~> 4.0.0)
    celluloid-io (0.16.2)
      celluloid (>= 0.16.0)
      nio4r (>= 1.1.0)
    hitimes (1.2.2-java)
    http (0.7.2)
      http-form_data (~> 1.0.0)
      http_parser.rb (~> 0.6.0)
    http-form_data (1.0.0)
    http_parser.rb (0.6.0-java)
    httpclient (2.6.0.1)
    i18n (0.7.0)
    json (1.8.2-java)
    lock_jar (0.10.5)
      naether (~> 0.14.0)
      thor (>= 0.18.1)
    mime-types (2.4.3)
    minitest (5.5.1)
    mustermann (0.4.0)
      tool (~> 0.2)
    naether (0.14.1-java)
      httpclient
    nio4r (1.1.0-java)
    pacer (2.0.12-java)
      lock_jar (~> 0.10.2)
    pacer-orient (2.3.5-java)
      lock_jar (~> 0.10.1)
      pacer (>= 2.0.6)
    reel (0.5.0)
      celluloid (>= 0.15.1)
      celluloid-io (>= 0.15.0)
      http (>= 0.6.0.pre)
      http_parser.rb (>= 0.6.0)
      websocket_parser (>= 0.1.6)
    thor (0.19.1)
    thread_safe (0.3.4-java)
    tilt (2.0.1)
    timers (4.0.1)
      hitimes
    tool (0.2.3)
    tzinfo (1.2.2)
      thread_safe (~> 0.1)
    websocket_parser (1.0.0)

PLATFORMS
  java

DEPENDENCIES
  activesupport
  angelo
  celluloid
  pacer-orient
